GIT
  remote: git://github.com/kc-train/kc_notifications.git
  revision: 77be9356359b5f71629553e3f5b9fed83352c94a
  ref: 77be935
  specs:
    kc_notifications (0.0.1)

GIT
  remote: git://github.com/kc-train/question_mod.git
  revision: 927eb3a0d1b5e2061203f288f02ede70ec816541
  ref: 927eb3a
  specs:
    question_mod (0.0.1)

GIT
  remote: git://github.com/mindpin/acts-as-dag.git
  revision: a94ff8ac1b946b8be5aa67792016eb26d5899282
  tag: 0.0.2
  specs:
    acts-as-dag (0.0.2)
      mongoid (~> 4.0)

GIT
  remote: git://github.com/mindpin/bucketerize.git
  revision: 6e53e43a82023592a71191a7eeac6f092f32ee84
  ref: 6e53e43
  specs:
    bucketerize (0.1.0)

GIT
  remote: git://github.com/mindpin/documents-store.git
  revision: 65c6847bfec20da0a3940cb6669f71ceb50e657e
  tag: v0.0.4
  specs:
    documents-store (0.0.4)
      mongoid (~> 4.0.0)

GIT
  remote: git://github.com/mindpin/elasticsearch-simple.git
  revision: 47e35a44f516f534ea83ea1d770f4e8cd480d610
  ref: 47e35a4
  specs:
    elasticsearch-simple (0.1.0)
      elasticsearch-model
      elasticsearch-rails
      ruby-pinyin

GIT
  remote: git://github.com/mindpin/engine_manager.git
  revision: fa8b4ceb005f51d285d5f69688d4fb726f80d948
  tag: v0.0.1
  specs:
    engine_manager (0.1.0)

GIT
  remote: git://github.com/mindpin/file-part-upload.git
  revision: 8768fd6e7c90e71cf413b6cf8d3da0bc0107e27c
  tag: 2.0.0-beta3
  specs:
    file-part-upload (2.0.0.pre.beta2)
      enumerize
      mime-types
      mini_magick
      qiniu (~> 6.4.1)
      streamio-ffmpeg

GIT
  remote: git://github.com/mindpin/generic_controller.git
  revision: 061d6055695bc025401af5aeb97164eab0285371
  tag: v0.0.5
  specs:
    generic_controller (0.0.4)

GIT
  remote: git://github.com/mindpin/kc_courses.git
  revision: 7aa22369a516d1434ed63692835e4075e0166043
  ref:  7aa2236
  specs:
    kc_courses (0.1.0)
      simple_form

GIT
  remote: git://github.com/mindpin/knowledge-graph-js.git
  revision: 01386378a0df05cf354ec62fad857aab52f085ad
  tag: 0.0.1
  specs:
    knowledge-graph-js (0.0.1)
      non-stupid-digest-assets

GIT
  remote: git://github.com/mindpin/knowledge-net-plan-store.git
  revision: 3804b77a66abc0ef3cb88520ecc7165961d55be4
  tag: v0.1.0.p3
  specs:
    knowledge-net-plan-store (0.0.2)
      carrierwave-mongoid
      mongoid

GIT
  remote: git://github.com/mindpin/knowledge-net-store.git
  revision: 816df00aabbc1db6c3c4ca51229095af1842ed4c
  tag: 1.0.0-beta2
  specs:
    knowledge-net-store (1.0.0.pre.beta2)

GIT
  remote: git://github.com/mindpin/knowledge_camp_step.git
  revision: 468c4f243323e1938720f1f276b6afd0701066fb
  tag: 0.1.7
  specs:
    knowledge_camp_step (0.0.1)
      mongoid (~> 4.0.0)

GIT
  remote: git://github.com/mindpin/simple-images.git
  revision: fc06f2bdbba5dbbbc506c6e22c09caf32909a2df
  ref: fc06f2b
  specs:
    simple-images (0.0.2)

GIT
  remote: git://github.com/mindpin/simple-navbar.git
  revision: f891c0e0b6c39846c1c424ad0379b83b181db105
  tag: 0.0.6p1
  specs:
    simple-navbar (0.0.6p1)

GIT
  remote: git://github.com/mindpin/sort_char.git
  revision: 7525285b9d03b8057df5aa760ceb4160ecf4e9f3
  tag: 0.0.1
  specs:
    sort_char (0.0.1)

GIT
  remote: git://github.com/mindpin/ueditor.rails.git
  revision: b832fdefdca636c6c07bb6fa36d2d49b3596c772
  ref: b832fde
  specs:
    ueditor.rails (0.0.5)
      rails (~> 4.1)

GIT
  remote: git://github.com/mindpin/user-auth.git
  revision: 8ac54325dfe1410bbc9ad6d63f9171763ed0e9ce
  tag: 0.0.8
  specs:
    user-auth (0.0.1)
      devise
      rest-client

GIT
  remote: git://github.com/mindpin/virtual-file.git
  revision: 81fffa6789aba4f70683a8b4cf8f781470519fe5
  tag: v0.0.6
  specs:
    virtual_file_system (0.0.6)
      mongoid (~> 4.0.0)

GIT
  remote: git://github.com/simi/mongoid-versioning.git
  revision: a1aa92a4c7b721b004d559ae1112e7b4a6124d94
  specs:
    mongoid-versioning (0.0.1)
      mongoid (> 3)

PATH
  remote: vendor/api
  specs:
    knowledge-camp-api (0.0.1)
      rails (>= 4.0.0)

PATH
  remote: vendor/course_editor
  specs:
    kc-course-editor (0.0.1)
      rails (>= 4.0.0)

PATH
  remote: vendor/explore
  specs:
    kc-explore (0.0.1)
      rails (>= 4.0.0)

GEM
  remote: https://ruby.taobao.org/
  specs:
    actionmailer (4.2.3)
      actionpack (= 4.2.3)
      actionview (= 4.2.3)
      activejob (= 4.2.3)
      mail (~> 2.5, >= 2.5.4)
      rails-dom-testing (~> 1.0, >= 1.0.5)
    actionpack (4.2.3)
      actionview (= 4.2.3)
      activesupport (= 4.2.3)
      rack (~> 1.6)
      rack-test (~> 0.6.2)
      rails-dom-testing (~> 1.0, >= 1.0.5)
      rails-html-sanitizer (~> 1.0, >= 1.0.2)
    actionview (4.2.3)
      activesupport (= 4.2.3)
      builder (~> 3.1)
      erubis (~> 2.7.0)
      rails-dom-testing (~> 1.0, >= 1.0.5)
      rails-html-sanitizer (~> 1.0, >= 1.0.2)
    activejob (4.2.3)
      activesupport (= 4.2.3)
      globalid (>= 0.3.0)
    activemodel (4.2.3)
      activesupport (= 4.2.3)
      builder (~> 3.1)
    activerecord (4.2.3)
      activemodel (= 4.2.3)
      activesupport (= 4.2.3)
      arel (~> 6.0)
    activesupport (4.2.3)
      i18n (~> 0.7)
      json (~> 1.7, >= 1.7.7)
      minitest (~> 5.1)
      thread_safe (~> 0.3, >= 0.3.4)
      tzinfo (~> 1.1)
    arel (6.0.3)
    autoprefixer-rails (6.1.0.1)
      execjs
      json
    bcrypt (3.1.10)
    bootstrap-kaminari-views (0.0.5)
      kaminari (>= 0.13)
      rails (>= 3.1)
    bootstrap-sass (3.3.5.1)
      autoprefixer-rails (>= 5.0.0.1)
      sass (>= 3.3.0)
    bson (2.3.0)
    bson_ext (1.5.1)
    builder (3.2.2)
    byebug (2.7.0)
      columnize (~> 0.3)
      debugger-linecache (~> 1.2)
    carrierwave (0.10.0)
      activemodel (>= 3.2.0)
      activesupport (>= 3.2.0)
      json (>= 1.7)
      mime-types (>= 1.16)
    carrierwave-mongoid (0.7.1)
      carrierwave (>= 0.8.0, < 0.11.0)
      mongoid (>= 3.0, < 5.0)
      mongoid-grid_fs (>= 1.3, < 3.0)
    cells (3.10.1)
      actionpack (>= 3.0)
      railties (>= 3.0)
      uber (~> 0.0.4)
    coderay (1.1.0)
    coffee-rails (4.1.0)
      coffee-script (>= 2.2.0)
      railties (>= 4.0.0, < 5.0)
    coffee-script (2.4.1)
      coffee-script-source
      execjs
    coffee-script-source (1.9.1.1)
    columnize (0.8.9)
    connection_pool (2.0.0)
    database_cleaner (1.2.0)
    debugger-linecache (1.2.0)
    devise (3.5.2)
      bcrypt (~> 3.0)
      orm_adapter (~> 0.1)
      railties (>= 3.2.6, < 5)
      responders
      thread_safe (~> 0.1)
      warden (~> 1.2.3)
    diff-lcs (1.2.5)
    elasticsearch (1.0.14)
      elasticsearch-api (= 1.0.14)
      elasticsearch-transport (= 1.0.14)
    elasticsearch-api (1.0.14)
      multi_json
    elasticsearch-model (0.1.8)
      activesupport (> 3)
      elasticsearch (> 0.4)
      hashie
    elasticsearch-rails (0.1.8)
    elasticsearch-transport (1.0.14)
      faraday
      multi_json
    enumerize (1.0.0)
      activesupport (>= 3.2)
    erubis (2.7.0)
    execjs (2.6.0)
    faraday (0.9.2)
      multipart-post (>= 1.2, < 3)
    figaro (1.1.1)
      thor (~> 0.14)
    globalid (0.3.6)
      activesupport (>= 4.1.0)
    haml (4.0.5)
      tilt
    haml-coderay (0.2.0)
      coderay
      haml
    hashie (3.4.3)
    htmldiff (0.0.1)
    i18n (0.7.0)
    jbuilder (2.0.8)
      activesupport (>= 3.0.0, < 5)
      multi_json (~> 1.2)
    jquery-rails (3.1.1)
      railties (>= 3.0, < 5.0)
      thor (>= 0.14, < 2.0)
    json (1.8.3)
    kaminari (0.15.1)
      actionpack (>= 3.0.0)
      activesupport (>= 3.0.0)
    kgio (2.9.2)
    loofah (2.0.3)
      nokogiri (>= 1.5.9)
    mail (2.6.3)
      mime-types (>= 1.16, < 3)
    method_source (0.8.2)
    mime-types (2.4.3)
    mina (0.3.7)
      open4 (~> 1.3.4)
      rake
    mini_magick (3.7.0)
      subexec (~> 0.2.1)
    mini_portile (0.6.2)
    minitest (5.8.2)
    mongoid (4.0.0)
      activemodel (~> 4.0)
      moped (~> 2.0.0)
      origin (~> 2.1)
      tzinfo (>= 0.3.37)
    mongoid-grid_fs (2.1.0)
      mime-types (>= 1.0, < 3.0)
      mongoid (>= 3.0, < 5.0)
    moped (2.0.0)
      bson (~> 2.2)
      connection_pool (~> 2.0)
      optionable (~> 0.2.0)
    multi_json (1.11.2)
    multipart-post (2.0.0)
    nokogiri (1.6.6.2)
      mini_portile (~> 0.6.0)
    non-stupid-digest-assets (1.0.5)
    open4 (1.3.4)
    optionable (0.2.0)
    origin (2.1.1)
    orm_adapter (0.5.0)
    pry (0.10.0)
      coderay (~> 1.1.0)
      method_source (~> 0.8.1)
      slop (~> 3.4)
    pry-byebug (1.3.3)
      byebug (~> 2.7)
      pry (~> 0.10)
    qiniu (6.4.1)
      json (~> 1.7)
      mime-types (~> 2.4.3)
      rest-client (~> 1.6)
      ruby-hmac (~> 0.4)
    rack (1.6.4)
    rack-test (0.6.3)
      rack (>= 1.0)
    rails (4.2.3)
      actionmailer (= 4.2.3)
      actionpack (= 4.2.3)
      actionview (= 4.2.3)
      activejob (= 4.2.3)
      activemodel (= 4.2.3)
      activerecord (= 4.2.3)
      activesupport (= 4.2.3)
      bundler (>= 1.3.0, < 2.0)
      railties (= 4.2.3)
      sprockets-rails
    rails-deprecated_sanitizer (1.0.3)
      activesupport (>= 4.2.0.alpha)
    rails-dom-testing (1.0.7)
      activesupport (>= 4.2.0.beta, < 5.0)
      nokogiri (~> 1.6.0)
      rails-deprecated_sanitizer (>= 1.0.1)
    rails-html-sanitizer (1.0.2)
      loofah (~> 2.0)
    railties (4.2.3)
      actionpack (= 4.2.3)
      activesupport (= 4.2.3)
      rake (>= 0.8.7)
      thor (>= 0.18.1, < 2.0)
    raindrops (0.13.0)
    rake (10.4.2)
    rdoc (4.1.1)
      json (~> 1.4)
    responders (2.1.0)
      railties (>= 4.2.0, < 5)
    rest-client (1.6.7)
      mime-types (>= 1.16)
    rmmseg-cpp (0.2.9)
    rspec (3.0.0)
      rspec-core (~> 3.0.0)
      rspec-expectations (~> 3.0.0)
      rspec-mocks (~> 3.0.0)
    rspec-core (3.0.2)
      rspec-support (~> 3.0.0)
    rspec-expectations (3.0.2)
      diff-lcs (>= 1.2.0, < 2.0)
      rspec-support (~> 3.0.0)
    rspec-mocks (3.0.2)
      rspec-support (~> 3.0.0)
    rspec-support (3.0.2)
    ruby-hmac (0.4.0)
    ruby-pinyin (0.4.1)
      rmmseg-cpp (~> 0.2.9)
    sass (3.4.19)
    sass-rails (5.0.4)
      railties (>= 4.0.0, < 5.0)
      sass (~> 3.1)
      sprockets (>= 2.8, < 4.0)
      sprockets-rails (>= 2.0, < 4.0)
      tilt (>= 1.1, < 3)
    sdoc (0.4.0)
      json (~> 1.8)
      rdoc (~> 4.0, < 5.0)
    simple_form (3.2.0)
      actionpack (~> 4.0)
      activemodel (~> 4.0)
    slop (3.5.0)
    spring (1.1.3)
    sprockets (3.4.0)
      rack (> 1, < 3)
    sprockets-rails (2.3.3)
      actionpack (>= 3.0)
      activesupport (>= 3.0)
      sprockets (>= 2.8, < 4.0)
    streamio-ffmpeg (1.0.0)
    subexec (0.2.3)
    thor (0.19.1)
    thread_safe (0.3.5)
    tilt (2.0.1)
    turbolinks (2.5.3)
      coffee-rails
    tzinfo (1.2.2)
      thread_safe (~> 0.1)
    uber (0.0.7)
    uglifier (2.5.1)
      execjs (>= 0.3.0)
      json (>= 1.8.0)
    unicorn (4.8.3)
      kgio (~> 2.6)
      rack
      raindrops (~> 0.7)
    useragent (0.10.0)
    warden (1.2.3)
      rack (>= 1.0)

PLATFORMS
  ruby

DEPENDENCIES
  acts-as-dag!
  bootstrap-kaminari-views
  bootstrap-sass (~> 3.3.5)
  bson_ext
  bucketerize!
  carrierwave-mongoid
  cells (~> 3.10.1)
  coffee-rails (~> 4.1.0)
  database_cleaner (~> 1.2.0)
  devise (= 3.5.2)
  documents-store!
  elasticsearch-simple!
  engine_manager!
  figaro
  file-part-upload!
  generic_controller!
  haml
  haml-coderay
  htmldiff
  jbuilder (~> 2.0)
  jquery-rails
  kaminari (~> 0.15.1)
  kc-course-editor!
  kc-explore!
  kc_courses!
  kc_notifications!
  knowledge-camp-api!
  knowledge-graph-js!
  knowledge-net-plan-store!
  knowledge-net-store!
  knowledge_camp_step!
  mina (= 0.3.7)
  mini_magick
  mongoid (~> 4.0.0)
  mongoid-versioning!
  pry
  pry-byebug
  question_mod!
  rails (= 4.2.3)
  rspec
  ruby-pinyin
  sass-rails (~> 5.0)
  sdoc (~> 0.4.0)
  simple-images!
  simple-navbar!
  simple_form (~> 3.2.0)
  sort_char!
  spring
  streamio-ffmpeg
  turbolinks
  ueditor.rails!
  uglifier (>= 1.3.0)
  unicorn
  user-auth!
  useragent
  virtual_file_system!

BUNDLED WITH
   1.10.6
